GEM
  remote: https://rubygems.org/
  specs:
    concurrent-ruby (1.0.5)
    ejs (1.1.1)
    libv8 (6.7.288.46.1)
    mini_racer (0.2.0)
      libv8 (>= 6.3)
    rack (2.0.7)
    sprockets (3.7.2)
      concurrent-ruby (~> 1.0)
      rack (> 1, < 3)

PLATFORMS
  ruby

DEPENDENCIES
  ejs
  mini_racer
  sprockets

BUNDLED WITH
   1.16.1
